GEM
  remote: https://rubygems.org/
  specs:
    base64 (0.1.1)
    faraday (2.7.11)
      base64
      faraday-net_http (>= 2.0, < 3.1)
      ruby2_keywords (>= 0.0.4)
    faraday-net_http (3.0.2)
    google-protobuf (3.24.4-x86_64-linux)
    json (2.6.3)
    jwt (2.7.1)
    livekit-server-sdk (0.5.6)
      google-protobuf (>= 3.21.0, < 4.0)
      jwt (>= 2.2.3, < 3.0)
      rack (>= 2.2.3, < 3.0)
      twirp (>= 1.10.0, < 2.0)
    mustermann (3.0.0)
      ruby2_keywords (~> 0.0.1)
    rack (2.2.8)
    rack-protection (3.1.0)
      rack (~> 2.2, >= 2.2.4)
    ruby2_keywords (0.0.5)
    sinatra (3.1.0)
      mustermann (~> 3.0)
      rack (~> 2.2, >= 2.2.4)
      rack-protection (= 3.1.0)
      tilt (~> 2.0)
    sinatra-cors (1.2.0)
    tilt (2.3.0)
    twirp (1.10.0)
      faraday (< 3)
      google-protobuf (~> 3.0, >= 3.7.0)

PLATFORMS
  x86_64-linux

DEPENDENCIES
  faraday
  json
  livekit-server-sdk
  sinatra
  sinatra-cors

BUNDLED WITH
   2.4.12
